PATH
  remote: .
  specs:
    ghi (1.0.0.dev)

GEM
  remote: http://rubygems.org/
  specs:

PLATFORMS
  ruby

DEPENDENCIES
  ghi!
